GIT
  remote: https://github.com/solnic/virtus.git
  revision: 97a161f19d20a961094112464075c284d68d35e4
  specs:
    virtus (1.0.0.beta1)
      abstract_type (~> 0.0.5)
      adamantium (~> 0.0.7)
      backports (~> 3.0, >= 3.1.0)
      coercible (~> 0.2)
      descendants_tracker (~> 0.0.1)

GEM
  remote: http://rubygems.org/
  specs:
    RedCloth (4.2.9)
    SystemTimer (1.2.3)
    abstract_type (0.0.5)
      backports (~> 3.0, >= 3.0.3)
    actionmailer (3.2.12)
      actionpack (= 3.2.12)
      mail (~> 2.4.4)
    actionpack (3.2.12)
      activemodel (= 3.2.12)
      activesupport (= 3.2.12)
      builder (~> 3.0.0)
      erubis (~> 2.7.0)
      journey (~> 1.0.4)
      rack (~> 1.4.5)
      rack-cache (~> 1.2)
      rack-test (~> 0.6.1)
      sprockets (~> 2.2.1)
    activemodel (3.2.12)
      activesupport (= 3.2.12)
      builder (~> 3.0.0)
    activerecord (3.2.12)
      activemodel (= 3.2.12)
      activesupport (= 3.2.12)
      arel (~> 3.0.2)
      tzinfo (~> 0.3.29)
    activeresource (3.2.12)
      activemodel (= 3.2.12)
      activesupport (= 3.2.12)
    activesupport (3.2.12)
      i18n (~> 0.6)
      multi_json (~> 1.0)
    acts-as-taggable-on (2.4.1)
      rails (>= 3, < 5)
    adamantium (0.0.10)
      ice_nine (~> 0.8.0)
    arel (3.0.2)
    backports (3.3.3)
    better_errors (0.9.0)
      coderay (>= 1.0.0)
      erubis (>= 2.6.6)
    binding_of_caller (0.7.2)
      debug_inspector (>= 0.0.1)
    builder (3.0.4)
    capillary (1.0.3)
      json (~> 1.5)
    ci_reporter (1.9.0)
      builder (>= 2.1.2)
    climate_control (0.0.3)
      activesupport (>= 3.0)
    cocaine (0.5.1)
      climate_control (>= 0.0.3, < 1.0)
    coderay (1.0.9)
    coercible (0.2.0)
      backports (~> 3.0, >= 3.1.0)
      descendants_tracker (~> 0.0.1)
    creole (0.3.8)
    daemons (1.1.0)
    debug_inspector (0.0.2)
    descendants_tracker (0.0.1)
    diff-lcs (1.1.2)
    dolt (0.24.0)
      json (~> 1.5)
      libdolt (~> 0.23)
      sinatra (~> 1.0)
      thin (~> 1.4)
      tiltout (~> 1.4)
      trollop (~> 2.0)
    dotenv (0.8.0)
    erubis (2.7.0)
    eventmachine (1.0.3)
    exception_notification (3.0.1)
      actionmailer (>= 3.0.4)
    expression_parser (0.9.0)
    factory_girl (2.6.4)
      activesupport (>= 2.3.9)
    factory_girl_rails (1.7.0)
      factory_girl (~> 2.6.0)
      railties (>= 3.0.0)
    foreman (0.63.0)
      dotenv (>= 0.7)
      thor (>= 0.13.6)
    geoip (0.8.9)
    github-markup (0.7.5)
    gitorious_openid_auth (1.1.0)
      rack-openid (~> 1.3)
    highline (1.6.19)
    hike (1.2.3)
    htmlentities (4.3.1)
    httparty (0.11.0)
      multi_json (~> 1.0)
      multi_xml (>= 0.5.2)
    i18n (0.6.4)
    ice_nine (0.8.0)
    journey (1.0.4)
    json (1.7.7)
    just_paginate (0.1)
    kgio (2.8.0)
    libdolt (0.24.0)
      htmlentities (~> 4.3)
      json (~> 1.7)
      makeup (~> 0.2)
      mime-types (~> 1.19)
      rugged (= 0.18.0.gh.de28323)
      tzinfo (~> 0.3)
    mail (2.4.4)
      i18n (>= 0.4.0)
      mime-types (~> 1.16)
      treetop (~> 1.4.8)
    makeup (0.3.0)
      github-markup (~> 0.7)
      htmlentities (~> 4.3)
      pygments.rb (~> 0.2)
    memcache-client (1.8.5)
    mime-types (1.23)
    minitest (4.2.0)
    mocha (0.9.10)
      rake
    mono_logger (1.1.0)
    multi_json (1.7.7)
    multi_xml (0.5.4)
    mysql2 (0.3.11)
    net-ldap (0.3.1)
    nokogiri (1.5.10)
    oauth (0.4.4)
    oniguruma (1.1.0)
    org-ruby (0.7.1)
      rubypants (>= 0.2.0)
    paperclip (2.8.0)
      activerecord (>= 2.3.0)
      activesupport (>= 2.3.2)
      cocaine (>= 0.0.2)
      mime-types
    pg (0.15.1)
    polyglot (0.3.3)
    posix-spawn (0.3.6)
    proxymachine (1.2.4)
      eventmachine (>= 0.12.10)
    pygments.rb (0.5.1)
      posix-spawn (~> 0.3.6)
      yajl-ruby (~> 1.1.0)
    rack (1.4.5)
    rack-cache (1.2)
      rack (>= 0.4)
    rack-openid (1.3.1)
      rack (>= 1.1.0)
      ruby-openid (>= 2.1.8)
    rack-protection (1.5.0)
      rack
    rack-ssl (1.3.3)
      rack
    rack-test (0.6.2)
      rack (>= 1.0)
    rails (3.2.12)
      actionmailer (= 3.2.12)
      actionpack (= 3.2.12)
      activerecord (= 3.2.12)
      activeresource (= 3.2.12)
      activesupport (= 3.2.12)
      bundler (~> 1.0)
      railties (= 3.2.12)
    rails_autolink (1.1.0)
      rails (> 3.1)
    railties (3.2.12)
      actionpack (= 3.2.12)
      activesupport (= 3.2.12)
      rack-ssl (~> 1.3.2)
      rake (>= 0.8.7)
      rdoc (~> 3.4)
      thor (>= 0.14.6, < 2.0)
    raindrops (0.11.0)
    rake (10.1.0)
    rcov (1.0.0)
    rdiscount (1.6.8)
    rdoc (3.12.2)
      json (~> 1.4)
    redcarpet (2.3.0)
    redis (3.0.4)
    redis-namespace (1.3.0)
      redis (~> 3.0.0)
    resque (1.24.1)
      mono_logger (~> 1.0)
      multi_json (~> 1.0)
      redis-namespace (~> 1.2)
      sinatra (>= 0.9.2)
      vegas (~> 0.1.2)
    riddle (1.5.6)
    ruby-hmac (0.4.0)
    ruby-openid (2.2.3)
    ruby-yadis (0.3.4)
    rubypants (0.2.0)
    rugged (0.18.0.gh.de28323)
    shoulda (3.5.0)
      shoulda-context (~> 1.0, >= 1.0.1)
      shoulda-matchers (>= 1.4.1, < 3.0)
    shoulda-context (1.1.4)
    shoulda-matchers (1.4.1)
      activesupport (>= 3.0.0)
    simplecov (0.7.1)
      multi_json (~> 1.0)
      simplecov-html (~> 0.7.1)
    simplecov-html (0.7.1)
    sinatra (1.4.3)
      rack (~> 1.4)
      rack-protection (~> 1.4)
      tilt (~> 1.3, >= 1.3.4)
    sprockets (2.2.2)
      hike (~> 1.2)
      multi_json (~> 1.0)
      rack (~> 1.0)
      tilt (~> 1.1, != 1.3.0)
    state_machine (1.2.0)
    thin (1.5.1)
      daemons (>= 1.0.9)
      eventmachine (>= 0.12.6)
      rack (>= 1.0.0)
    thinking-sphinx (2.0.14)
      activerecord (>= 3.0.3)
      builder (>= 2.1.2)
      riddle (>= 1.5.3)
    thor (0.18.1)
    tilt (1.4.1)
    tiltout (1.4.0)
      tilt (~> 1.3)
    treetop (1.4.14)
      polyglot
      polyglot (>= 0.3.1)
    trollop (2.0)
    tzinfo (0.3.37)
    unicorn (4.3.1)
      kgio (~> 2.6)
      rack
      raindrops (~> 0.7)
    use_case (0.13.0)
    vegas (0.1.11)
      rack (>= 1.0.0)
    wikicloth (0.6.0)
      builder
      expression_parser
    will_paginate (3.0.4)
    yajl-ruby (1.1.0)

PLATFORMS
  ruby

DEPENDENCIES
  RedCloth
  SystemTimer (~> 1.2)
  activerecord-jdbcmysql-adapter
  acts-as-taggable-on (~> 2.3)
  better_errors
  binding_of_caller
  capillary (~> 1.0.1)
  ci_reporter
  creole
  daemons (= 1.1.0)
  diff-lcs (= 1.1.2)
  dolt (~> 0.24)
  exception_notification
  factory_girl_rails (~> 1.7)
  foreman (~> 0.41)
  geoip (= 0.8.9)
  gitorious_openid_auth (~> 1.1)
  highline
  httparty (~> 0.9)
  jruby-openssl
  json (>= 1.7.7, < 1.8)
  just_paginate (= 0.1)
  libdolt (~> 0.24)
  memcache-client (~> 1.8)
  mime-types (~> 1.16)
  minitest (= 4.2.0)
  mocha (= 0.9.10)
  mysql2
  net-ldap (~> 0.3)
  nokogiri (~> 1.5, < 1.6)
  oauth (= 0.4.4)
  oniguruma (~> 1.1)
  org-ruby
  paperclip (~> 2.7)
  pg
  proxymachine (= 1.2.4)
  rails (= 3.2.12)
  rails_autolink (~> 1.0)
  rake (~> 10.0)
  rcov
  rdiscount (~> 1.6)
  rdoc
  redcarpet
  resque (~> 1.23)
  ruby-hmac (= 0.4.0)
  ruby-openid
  ruby-yadis (= 0.3.4)
  shoulda (~> 3.3)
  shoulda-matchers (~> 1.4)
  simplecov
  state_machine (~> 1.1)
  thin (~> 1.2)
  thinking-sphinx (~> 2.0.10)
  tiltout (~> 1.4)
  trinidad
  unicorn (~> 4.3.1)
  use_case (~> 0.13)
  virtus!
  wikicloth
  will_paginate (~> 3.0)
