GIT
  remote: https://github.com/roman/rots.git
  revision: babb5559aae8914556da528147b6649b9c48f48c
  specs:
    rots (0.2.1)

GEM
  remote: http://rubygems.org/
  specs:
    SystemTimer (1.2.3)
    actionmailer (3.2.8)
      actionpack (= 3.2.8)
      mail (~> 2.4.4)
    actionpack (3.2.8)
      activemodel (= 3.2.8)
      activesupport (= 3.2.8)
      builder (~> 3.0.0)
      erubis (~> 2.7.0)
      journey (~> 1.0.4)
      rack (~> 1.4.0)
      rack-cache (~> 1.2)
      rack-test (~> 0.6.1)
      sprockets (~> 2.1.3)
    activemodel (3.2.8)
      activesupport (= 3.2.8)
      builder (~> 3.0.0)
    activerecord (3.2.8)
      activemodel (= 3.2.8)
      activesupport (= 3.2.8)
      arel (~> 3.0.2)
      tzinfo (~> 0.3.29)
    activerecord-jdbc-adapter (1.2.2.1)
    activerecord-jdbcmysql-adapter (1.2.2.1)
      activerecord-jdbc-adapter (~> 1.2.2.1)
      jdbc-mysql (~> 5.1.0)
    activeresource (3.2.8)
      activemodel (= 3.2.8)
      activesupport (= 3.2.8)
    activesupport (3.2.8)
      i18n (~> 0.6)
      multi_json (~> 1.0)
    acts-as-taggable-on (2.3.3)
      rails (~> 3.0)
    addressable (2.2.8)
    arel (3.0.2)
    async_sinatra (1.0.0)
      rack (>= 1.4.1)
      sinatra (>= 1.3.2)
    bouncy-castle-java (1.5.0146.1)
    builder (3.0.4)
    capillary (1.0.2)
      json (~> 1.5)
    capybara (1.0.1)
      mime-types (>= 1.16)
      nokogiri (>= 1.3.3)
      rack (>= 1.0.0)
      rack-test (>= 0.5.4)
      selenium-webdriver (~> 2.0)
      xpath (~> 0.1.4)
    childprocess (0.3.6)
      ffi (~> 1.0, >= 1.0.6)
    cocaine (0.4.2)
    daemons (1.1.0)
    diff-lcs (1.1.2)
    dolt (0.8.0)
      async_sinatra (~> 1.0)
      json (~> 1.5)
      libdolt (~> 0.11)
      sinatra (~> 1.0)
      thin (~> 1.4)
      tiltout (~> 1.4)
    em_pessimistic (0.1.2)
      eventmachine (~> 1.0)
    em_rugged (0.3.0)
      eventmachine (~> 1.0)
      rugged (= 0.17.0.b6)
    erubis (2.7.0)
    eventmachine (1.0.0)
    eventmachine (1.0.0-java)
    exception_notification (3.0.0)
      actionmailer (>= 3.0.4)
      tinder (~> 1.8)
    factory_girl (2.6.4)
      activesupport (>= 2.3.9)
    factory_girl_rails (1.7.0)
      factory_girl (~> 2.6.0)
      railties (>= 3.0.0)
    faraday (0.8.4)
      multipart-post (~> 1.1)
    faraday_middleware (0.9.0)
      faraday (>= 0.7.4, < 0.9)
    ffi (1.0.11)
    ffi (1.0.11-java)
    foreman (0.60.2)
      thor (>= 0.13.6)
    geoip (0.8.9)
    github-markup (0.7.4)
    gitorious_openid_auth (1.1.0)
      rack-openid (~> 1.3)
    hashie (1.2.0)
    highline (1.6.15)
    hike (1.2.1)
    htmlentities (4.3.1)
    http_parser.rb (0.5.3)
    http_parser.rb (0.5.3-java)
    httparty (0.9.0)
      multi_json (~> 1.0)
      multi_xml
    i18n (0.6.1)
    jdbc-mysql (5.1.13)
    journey (1.0.4)
    jruby-openssl (0.8.1)
      bouncy-castle-java (>= 1.5.0146.1)
    jruby-rack (1.1.12)
    json (1.7.5)
    json (1.7.5-java)
    just_paginate (0.0.6)
    kgio (2.7.4)
    launchy (2.0.5)
      addressable (~> 2.2.6)
    launchy (2.0.5-java)
      addressable (~> 2.2.6)
      ffi (~> 1.0.9)
      spoon (~> 0.0.1)
    libdolt (0.11)
      em_pessimistic (~> 0.1)
      em_rugged (~> 0.3)
      eventmachine (~> 1.0)
      htmlentities (~> 4.3)
      json (~> 1.7)
      makeup (~> 0.2)
      mime-types (~> 1.19)
      tzinfo (~> 0.3)
      when (~> 0)
    libwebsocket (0.1.7.1)
      addressable
      websocket
    mail (2.4.4)
      i18n (>= 0.4.0)
      mime-types (~> 1.16)
      treetop (~> 1.4.8)
    makeup (0.3.0)
      github-markup (~> 0.7)
      htmlentities (~> 4.3)
      pygments.rb (~> 0.2)
    memcache-client (1.8.5)
    mime-types (1.19)
    minitest (4.2.0)
    mocha (0.9.10)
      rake
    multi_json (1.4.0)
    multi_xml (0.5.1)
    multipart-post (1.1.5)
    mysql2 (0.3.11)
    net-ldap (0.3.1)
    nokogiri (1.5.5)
    nokogiri (1.5.5-java)
    oauth (0.4.4)
    oniguruma (1.1.0)
    paperclip (2.8.0)
      activerecord (>= 2.3.0)
      activesupport (>= 2.3.2)
      cocaine (>= 0.0.2)
      mime-types
    pg (0.14.1)
    polyglot (0.3.3)
    posix-spawn (0.3.6)
    proxymachine (1.2.4)
      eventmachine (>= 0.12.10)
    pygments.rb (0.3.2)
      posix-spawn (~> 0.3.6)
      yajl-ruby (~> 1.1.0)
    rack (1.4.1)
    rack-cache (1.2)
      rack (>= 0.4)
    rack-openid (1.3.1)
      rack (>= 1.1.0)
      ruby-openid (>= 2.1.8)
    rack-protection (1.3.2)
      rack
    rack-ssl (1.3.2)
      rack
    rack-test (0.6.2)
      rack (>= 1.0)
    rails (3.2.8)
      actionmailer (= 3.2.8)
      actionpack (= 3.2.8)
      activerecord (= 3.2.8)
      activeresource (= 3.2.8)
      activesupport (= 3.2.8)
      bundler (~> 1.0)
      railties (= 3.2.8)
    rails_autolink (1.0.9)
      rails (~> 3.1)
    railties (3.2.8)
      actionpack (= 3.2.8)
      activesupport (= 3.2.8)
      rack-ssl (~> 1.3.2)
      rake (>= 0.8.7)
      rdoc (~> 3.4)
      thor (>= 0.14.6, < 2.0)
    raindrops (0.10.0)
    rake (0.9.5)
    rdiscount (1.6.8)
    rdoc (3.12)
      json (~> 1.4)
    redis (3.0.2)
    redis-namespace (1.2.1)
      redis (~> 3.0.0)
    resque (1.23.0)
      multi_json (~> 1.0)
      redis-namespace (~> 1.0)
      sinatra (>= 0.9.2)
      vegas (~> 0.1.2)
    riddle (1.5.3)
    ruby-hmac (0.4.0)
    ruby-openid (2.2.2)
    ruby-yadis (0.3.4)
    rubyzip (0.9.9)
    rugged (0.17.0.b6)
    selenium-webdriver (2.26.0)
      childprocess (>= 0.2.5)
      libwebsocket (~> 0.1.3)
      multi_json (~> 1.0)
      rubyzip
    shoulda (3.3.2)
      shoulda-context (~> 1.0.1)
      shoulda-matchers (~> 1.4.1)
    shoulda-context (1.0.1)
    shoulda-matchers (1.4.1)
      activesupport (>= 3.0.0)
    simple_oauth (0.1.9)
    sinatra (1.3.3)
      rack (~> 1.3, >= 1.3.6)
      rack-protection (~> 1.2)
      tilt (~> 1.3, >= 1.3.3)
    spoon (0.0.1)
    sprockets (2.1.3)
      hike (~> 1.2)
      rack (~> 1.0)
      tilt (~> 1.1, != 1.3.0)
    state_machine (1.1.2)
    thin (1.5.0)
      daemons (>= 1.0.9)
      eventmachine (>= 0.12.6)
      rack (>= 1.0.0)
    thinking-sphinx (2.0.13)
      activerecord (>= 3.0.3)
      builder (>= 2.1.2)
      riddle (>= 1.5.3)
    thor (0.16.0)
    tilt (1.3.3)
    tiltout (1.4.0)
      tilt (~> 1.3)
    tinder (1.9.1)
      eventmachine (>= 0.12.0, < 2)
      faraday (~> 0.8)
      faraday_middleware (~> 0.8)
      hashie (~> 1.0)
      json (~> 1.6)
      mime-types (~> 1.16)
      multi_json (~> 1.0)
      multipart-post (~> 1.1)
      twitter-stream (~> 0.1)
    treetop (1.4.12)
      polyglot
      polyglot (>= 0.3.1)
    trinidad (1.4.4)
      jruby-rack (>= 1.1.10)
      trinidad_jars (>= 1.1.0)
    trinidad_jars (1.1.1)
    twitter-stream (0.1.16)
      eventmachine (>= 0.12.8)
      http_parser.rb (~> 0.5.1)
      simple_oauth (~> 0.1.4)
    tzinfo (0.3.35)
    unicorn (4.3.1)
      kgio (~> 2.6)
      rack
      raindrops (~> 0.7)
    vegas (0.1.11)
      rack (>= 1.0.0)
    websocket (1.0.4)
    when (0.1.0)
    will_paginate (3.0.3)
    xpath (0.1.4)
      nokogiri (~> 1.3)
    yajl-ruby (1.1.0)

PLATFORMS
  java
  ruby

DEPENDENCIES
  SystemTimer (~> 1.2)
  activerecord-jdbcmysql-adapter
  acts-as-taggable-on (~> 2.3)
  capillary (~> 1.0.1)
  capybara (= 1.0.1)
  daemons (= 1.1.0)
  diff-lcs (= 1.1.2)
  dolt (~> 0.8)
  exception_notification
  factory_girl_rails (~> 1.7)
  foreman (~> 0.41)
  geoip (= 0.8.9)
  gitorious_openid_auth (~> 1.1)
  highline
  httparty (~> 0.9)
  jruby-openssl
  json (~> 1.5)
  just_paginate (= 0.0.6)
  launchy (= 2.0.5)
  libdolt (~> 0.11)
  memcache-client (~> 1.8)
  mime-types (~> 1.16)
  minitest (= 4.2.0)
  mocha (= 0.9.10)
  mysql2
  net-ldap (~> 0.3)
  nokogiri (~> 1.5)
  oauth (= 0.4.4)
  oniguruma (~> 1.1)
  paperclip (~> 2.7)
  pg
  proxymachine (= 1.2.4)
  rails (= 3.2.8)
  rails_autolink (~> 1.0)
  rake (~> 0.9)
  rdiscount (~> 1.6)
  resque (~> 1.23)
  rots!
  ruby-hmac (= 0.4.0)
  ruby-openid
  ruby-yadis (= 0.3.4)
  shoulda (~> 3.3)
  state_machine (~> 1.1)
  thin (~> 1.2)
  thinking-sphinx (~> 2.0.10)
  tiltout (~> 1.4)
  trinidad
  unicorn (~> 4.3.1)
  will_paginate (~> 3.0)
