GIT
  remote: https://github.com/roman/rots.git
  revision: babb5559aae8914556da528147b6649b9c48f48c
  specs:
    rots (0.2.1)

GEM
  remote: http://rubygems.org/
  specs:
    SystemTimer (1.2.3)
    activemessaging (0.7.1)
      activesupport (>= 1.0.0)
    activerecord (2.3.14)
      activesupport (= 2.3.14)
    activerecord-jdbc-adapter (1.2.2)
    activerecord-jdbcmysql-adapter (1.2.2)
      activerecord-jdbc-adapter (~> 1.2.2)
      jdbc-mysql (~> 5.1.0)
    activesupport (2.3.14)
    acts-as-taggable-on (2.0.6)
    addressable (2.2.8)
    async_sinatra (0.3.0)
      sinatra (>= 1.0)
    builder (3.0.0)
    capillary (1.0.2)
      json (~> 1.5)
    capybara (1.0.1)
      mime-types (>= 1.16)
      nokogiri (>= 1.3.3)
      rack (>= 1.0.0)
      rack-test (>= 0.5.4)
      selenium-webdriver (~> 2.0)
      xpath (~> 0.1.4)
    childprocess (0.3.5)
      ffi (~> 1.0, >= 1.0.6)
    chronic (0.3.0)
    cocaine (0.4.0)
    daemons (1.1.0)
    diff-lcs (1.1.2)
    echoe (4.3.1)
      gemcutter
      rubyforge
    em_pessimistic (0.1.2)
      eventmachine (~> 1.0)
    em_rugged (0.3.0)
      eventmachine (~> 1.0)
      rugged (= 0.17.0.b6)
    erubis (2.7.0)
    eventmachine (1.0.0)
    eventmachine (1.0.0-java)
    exception_notification (1.0.20090728)
    factory_girl (1.3.3)
    ffi (1.0.11)
    ffi (1.0.11-java)
    foreman (0.60.2)
      thor (>= 0.13.6)
    gemcutter (0.7.1)
    geoip (0.8.9)
    github-markup (0.7.4)
    hodel_3000_compliant_logger (0.1.0)
    hoe (2.8.0)
      rake (>= 0.8.7)
    htmlentities (4.3.1)
    jdbc-mysql (5.1.13)
    json (1.7.5)
    json (1.7.5-java)
    json_pure (1.7.5)
    just_paginate (0.0.6)
    kgio (2.7.4)
    launchy (2.0.5)
      addressable (~> 2.2.6)
    launchy (2.0.5-java)
      addressable (~> 2.2.6)
      ffi (~> 1.0.9)
      spoon (~> 0.0.1)
    libdolt (0.10.0)
      em_pessimistic (~> 0.1)
      em_rugged (~> 0.3)
      eventmachine (~> 1.0)
      htmlentities (~> 4.3)
      json (~> 1.7)
      makeup (~> 0.2)
      mime-types (~> 1.19)
      tzinfo (~> 0.3)
      when (~> 0)
    libwebsocket (0.1.5)
      addressable
    makeup (0.2.0)
      github-markup (~> 0.7)
      htmlentities (~> 4.3)
      pygments.rb (~> 0.2)
    mime-types (1.19)
    mocha (0.9.10)
      rake
    multi_json (1.3.6)
    mysql (2.8.1)
    nokogiri (1.5.0)
    nokogiri (1.5.0-java)
    oauth (0.4.4)
    paperclip (2.4.5)
      activerecord (>= 2.3.0)
      activesupport (>= 2.3.2)
      cocaine (>= 0.0.2)
      mime-types
    posix-spawn (0.3.6)
    proxymachine (1.2.4)
      eventmachine (>= 0.12.10)
    pygments.rb (0.3.1)
      posix-spawn (~> 0.3.6)
      yajl-ruby (~> 1.1.0)
    rack (1.0.1)
    rack-test (0.6.2)
      rack (>= 1.0)
    raindrops (0.10.0)
    rake (0.8.7)
    rdiscount (1.3.1.1)
    redis (2.2.2)
    redis-namespace (0.7.0)
      redis (< 3.0.0)
    resque (1.9.8)
      json (>= 1.1.0)
      redis-namespace (~> 0.7.0)
      sinatra (>= 0.9.2)
      vegas (~> 0.1.2)
    revo-ssl_requirement (1.1.0)
    riddle (1.2.2)
    ruby-hmac (0.4.0)
    ruby-net-ldap (0.0.4)
    ruby-openid (2.2.1)
    ruby-yadis (0.3.4)
    rubyforge (2.0.4)
      json_pure (>= 1.1.7)
    rubyzip (0.9.9)
    rugged (0.17.0.b6)
    selenium-webdriver (2.25.0)
      childprocess (>= 0.2.5)
      libwebsocket (~> 0.1.3)
      multi_json (~> 1.0)
      rubyzip
    shoulda (2.9.2)
    sinatra (1.0)
      rack (>= 1.0)
    spoon (0.0.1)
    state_machine (0.9.4)
    stomp (1.1)
    stompserver (0.9.9)
      daemons (>= 1.0.2)
      eventmachine (>= 0.7.2)
      hoe (>= 1.1.1)
      hoe (>= 1.3.0)
    thin (1.5.0)
      daemons (>= 1.0.9)
      eventmachine (>= 0.12.6)
      rack (>= 1.0.0)
    thor (0.16.0)
    tilt (1.3.3)
    tiltout (1.2.0)
      tilt (~> 1.3)
    tuxml (0.0.1)
    tzinfo (0.3.33)
    unicorn (4.3.1)
      kgio (~> 2.6)
      rack
      raindrops (~> 0.7)
    validates_url_format_of (0.1.1)
      activerecord (~> 2.3.4)
    vegas (0.1.11)
      rack (>= 1.0.0)
    when (0.1.0)
    will_paginate (2.3.15)
    xpath (0.1.4)
      nokogiri (~> 1.3)
    yajl-ruby (1.1.0)

PLATFORMS
  java
  ruby

DEPENDENCIES
  SystemTimer (= 1.2.3)
  activemessaging (= 0.7.1)
  activerecord-jdbcmysql-adapter
  acts-as-taggable-on (= 2.0.6)
  async_sinatra
  builder (= 3.0.0)
  capillary (~> 1.0)
  capybara (= 1.0.1)
  chronic (= 0.3.0)
  daemons (= 1.1.0)
  diff-lcs (= 1.1.2)
  echoe (= 4.3.1)
  erubis
  eventmachine (~> 1.0)
  exception_notification (~> 1.0.20090728)
  factory_girl (~> 1.3.0)
  foreman (~> 0.41)
  geoip (= 0.8.9)
  hodel_3000_compliant_logger (= 0.1.0)
  hoe (= 2.8.0)
  json (~> 1.5)
  just_paginate (= 0.0.6)
  launchy (= 2.0.5)
  libdolt (~> 0.10)
  makeup (~> 0.2)
  mime-types (~> 1.16)
  mocha (= 0.9.10)
  mysql (= 2.8.1)
  nokogiri (= 1.5.0)
  oauth (= 0.4.4)
  paperclip (~> 2.4.5)
  proxymachine (= 1.2.4)
  rack (~> 1.0.1)
  rake (= 0.8.7)
  rdiscount (= 1.3.1.1)
  resque (= 1.9.8)
  revo-ssl_requirement (= 1.1.0)
  riddle (= 1.2.2)
  rots!
  ruby-hmac (= 0.4.0)
  ruby-net-ldap (~> 0.0.4)
  ruby-openid
  ruby-yadis (= 0.3.4)
  shoulda (~> 2.9.1)
  state_machine (= 0.9.4)
  stomp (= 1.1)
  stompserver (~> 0.9)
  thin (~> 1.2)
  tiltout (~> 1.2)
  tuxml (= 0.0.1)
  unicorn (~> 4.3.1)
  validates_url_format_of (= 0.1.1)
  will_paginate (= 2.3.15)
