GEM
  remote: https://rubygems.org/
  specs:
    RedCloth (4.2.9)
    SystemTimer (1.2.3)
    actionmailer (3.2.14)
      actionpack (= 3.2.14)
      mail (~> 2.5.4)
    actionpack (3.2.14)
      activemodel (= 3.2.14)
      activesupport (= 3.2.14)
      builder (~> 3.0.0)
      erubis (~> 2.7.0)
      journey (~> 1.0.4)
      rack (~> 1.4.5)
      rack-cache (~> 1.2)
      rack-test (~> 0.6.1)
      sprockets (~> 2.2.1)
    activemodel (3.2.14)
      activesupport (= 3.2.14)
      builder (~> 3.0.0)
    activerecord (3.2.14)
      activemodel (= 3.2.14)
      activesupport (= 3.2.14)
      arel (~> 3.0.2)
      tzinfo (~> 0.3.29)
    activeresource (3.2.14)
      activemodel (= 3.2.14)
      activesupport (= 3.2.14)
    activesupport (3.2.14)
      i18n (~> 0.6, >= 0.6.4)
      multi_json (~> 1.0)
    acts-as-taggable-on (2.4.1)
      rails (>= 3, < 5)
    addressable (2.3.5)
    airbrake (3.1.14)
      builder
      json
    arel (3.0.2)
    axiom-types (0.0.3)
      descendants_tracker (~> 0.0.1)
      ice_nine (~> 0.9)
    backports (3.3.4)
    binding_of_caller (0.7.2)
      debug_inspector (>= 0.0.1)
    builder (3.0.4)
    capillary (1.0.3)
      json (~> 1.5)
    charlock_holmes (0.6.9.4)
    ci_reporter (1.9.0)
      builder (>= 2.1.2)
    climate_control (0.0.3)
      activesupport (>= 3.0)
    cocaine (0.5.1)
      climate_control (>= 0.0.3, < 1.0)
    coderay (1.0.9)
    coercible (0.2.0)
      backports (~> 3.0, >= 3.1.0)
      descendants_tracker (~> 0.0.1)
    crack (0.4.1)
      safe_yaml (~> 0.9.0)
    creole (0.3.8)
    daemons (1.1.0)
    debug_inspector (0.0.2)
    descendants_tracker (0.0.1)
    diff-lcs (1.1.2)
    dolt (0.30.0)
      json (~> 1.5)
      libdolt (~> 0.31)
      sinatra (~> 1.0)
      thin (~> 1.4)
      tiltout (~> 1.4)
      trollop (~> 2.0)
    dotenv (0.8.0)
    equalizer (0.0.7)
    erubis (2.7.0)
    escape_utils (0.3.2)
    eventmachine (1.0.3)
    exception_notification (3.0.1)
      actionmailer (>= 3.0.4)
    expression_parser (0.9.0)
    factory_girl (2.6.4)
      activesupport (>= 2.3.9)
    factory_girl_rails (1.7.0)
      factory_girl (~> 2.6.0)
      railties (>= 3.0.0)
    ffi (1.9.0)
    foreman (0.63.0)
      dotenv (>= 0.7)
      thor (>= 0.13.6)
    formatador (0.2.4)
    geoip (0.8.9)
    github-linguist (2.9.4)
      charlock_holmes (~> 0.6.6)
      escape_utils (~> 0.3.1)
      mime-types (~> 1.19)
      pygments.rb (~> 0.5.2)
    github-markup (0.7.5)
    gitorious_openid_auth (1.1.0)
      rack-openid (~> 1.3)
    guard (1.8.2)
      formatador (>= 0.2.4)
      listen (>= 1.0.0)
      lumberjack (>= 1.0.2)
      pry (>= 0.9.10)
      thor (>= 0.14.6)
    guard-ctags-bundler (0.2.0)
      guard (>= 1.1)
    guard-minitest (1.1.0)
      guard (>= 1.8)
      minitest (>= 2.1)
    highline (1.6.19)
    hike (1.2.3)
    htmlentities (4.3.1)
    httparty (0.11.0)
      multi_json (~> 1.0)
      multi_xml (>= 0.5.2)
    i18n (0.6.5)
    ice_nine (0.10.0)
    innertube (1.1.0)
    journey (1.0.4)
    json (1.7.7)
    just_paginate (0.1.1)
    kgio (2.8.0)
    libdolt (0.33.4)
      htmlentities (~> 4.3)
      json (~> 1.7)
      makeup (~> 0.4.1)
      mime-types (~> 1.19)
      rugged (= 0.18.0.gh.de28323)
      tzinfo (~> 0.3)
    listen (1.3.0)
      rb-fsevent (>= 0.9.3)
      rb-inotify (>= 0.9)
      rb-kqueue (>= 0.2)
    lumberjack (1.0.4)
    mail (2.5.4)
      mime-types (~> 1.16)
      treetop (~> 1.4.8)
    makeup (0.4.1)
      github-linguist (~> 2.8)
      github-markup (~> 0.7)
      htmlentities (~> 4.3)
      pygments.rb (~> 0.4)
    memcache-client (1.8.5)
    metaclass (0.0.1)
    method_source (0.8.2)
    middleware (0.1.0)
    mime-types (1.25)
    minitest (4.2.0)
    mocha (0.13.3)
      metaclass (~> 0.0.1)
    mono_logger (1.1.0)
    multi_json (1.7.9)
    multi_xml (0.5.4)
    mysql2 (0.3.13)
    net-ldap (0.3.1)
    nokogiri (1.5.10)
    oauth (0.4.4)
    oniguruma (1.1.0)
    org-ruby (0.7.1)
      rubypants (>= 0.2.0)
    paperclip (2.8.0)
      activerecord (>= 2.3.0)
      activesupport (>= 2.3.2)
      cocaine (>= 0.0.2)
      mime-types
    pg (0.15.1)
    polyglot (0.3.3)
    posix-spawn (0.3.6)
    proxymachine (1.2.4)
      eventmachine (>= 0.12.10)
    pry (0.9.12.2)
      coderay (~> 1.0.5)
      method_source (~> 0.8)
      slop (~> 3.4)
    pygments.rb (0.5.2)
      posix-spawn (~> 0.3.6)
      yajl-ruby (~> 1.1.0)
    rack (1.4.5)
    rack-cache (1.2)
      rack (>= 0.4)
    rack-openid (1.3.1)
      rack (>= 1.1.0)
      ruby-openid (>= 2.1.8)
    rack-protection (1.5.0)
      rack
    rack-ssl (1.3.3)
      rack
    rack-test (0.6.2)
      rack (>= 1.0)
    rails (3.2.14)
      actionmailer (= 3.2.14)
      actionpack (= 3.2.14)
      activerecord (= 3.2.14)
      activeresource (= 3.2.14)
      activesupport (= 3.2.14)
      bundler (~> 1.0)
      railties (= 3.2.14)
    rails_autolink (1.1.0)
      rails (> 3.1)
    railties (3.2.14)
      actionpack (= 3.2.14)
      activesupport (= 3.2.14)
      rack-ssl (~> 1.3.2)
      rake (>= 0.8.7)
      rdoc (~> 3.4)
      thor (>= 0.14.6, < 2.0)
    raindrops (0.12.0)
    rake (10.1.0)
    rb-fsevent (0.9.3)
    rb-inotify (0.9.1)
      ffi (>= 0.5.0)
    rb-kqueue (0.2.0)
      ffi (>= 0.5.0)
    rcov (1.0.0)
    rdiscount (1.6.8)
    rdoc (3.12.2)
      json (~> 1.4)
    redcarpet (2.3.0)
    redis (3.0.4)
    redis-namespace (1.3.0)
      redis (~> 3.0.0)
    resque (1.24.1)
      mono_logger (~> 1.0)
      multi_json (~> 1.0)
      redis-namespace (~> 1.2)
      sinatra (>= 0.9.2)
      vegas (~> 0.1.2)
    resque-cleaner (0.2.11)
      resque (~> 1.0)
    resque-job-stats (0.3.0)
      resque (~> 1.17)
    riddle (1.5.7)
    ruby-hmac (0.4.0)
    ruby-openid (2.2.3)
    ruby-yadis (0.3.4)
    rubypants (0.2.0)
    rugged (0.18.0.gh.de28323)
    safe_yaml (0.9.5)
    shoulda (3.5.0)
      shoulda-context (~> 1.0, >= 1.0.1)
      shoulda-matchers (>= 1.4.1, < 3.0)
    shoulda-context (1.1.4)
    shoulda-matchers (1.4.1)
      activesupport (>= 3.0.0)
    simplecov (0.7.1)
      multi_json (~> 1.0)
      simplecov-html (~> 0.7.1)
    simplecov-html (0.7.1)
    simplecov-rcov (0.2.3)
      simplecov (>= 0.4.1)
    sinatra (1.4.3)
      rack (~> 1.4)
      rack-protection (~> 1.4)
      tilt (~> 1.3, >= 1.3.4)
    sinatra-contrib (1.4.0)
      backports (>= 2.0)
      eventmachine
      rack-protection
      rack-test
      sinatra (~> 1.4.2)
      tilt (~> 1.3)
    slop (3.4.6)
    sprockets (2.2.2)
      hike (~> 1.2)
      multi_json (~> 1.0)
      rack (~> 1.0)
      tilt (~> 1.1, != 1.3.0)
    state_machine (1.2.0)
    thin (1.5.1)
      daemons (>= 1.0.9)
      eventmachine (>= 0.12.6)
      rack (>= 1.0.0)
    thinking-sphinx (3.0.4)
      activerecord (>= 3.1.0)
      builder (>= 2.1.2)
      innertube (>= 1.0.2)
      middleware (>= 0.1.0)
      riddle (>= 1.5.7)
    thor (0.18.1)
    tilt (1.4.1)
    tiltout (1.4.0)
      tilt (~> 1.3)
    treetop (1.4.15)
      polyglot
      polyglot (>= 0.3.1)
    trollop (2.0)
    tzinfo (0.3.37)
    unicorn (4.6.3)
      kgio (~> 2.6)
      rack
      raindrops (~> 0.7)
    use_case (0.13.0)
    vegas (0.1.11)
      rack (>= 1.0.0)
    virtus (1.0.0.beta7)
      axiom-types (~> 0.0.3)
      coercible (~> 0.2)
      descendants_tracker (~> 0.0.1)
      equalizer (~> 0.0.7)
    webmock (1.13.0)
      addressable (>= 2.2.7)
      crack (>= 0.3.2)
    wikicloth (0.6.0)
      builder
      expression_parser
    will_paginate (3.0.4)
    yajl-ruby (1.1.0)
    zeus (0.13.4.pre2)
      method_source (>= 0.6.7)

PLATFORMS
  ruby

DEPENDENCIES
  RedCloth
  SystemTimer (~> 1.2)
  activerecord-jdbcmysql-adapter
  acts-as-taggable-on (~> 2.3)
  airbrake (~> 3.1.14)
  binding_of_caller
  capillary (~> 1.0.1)
  ci_reporter
  creole
  daemons (= 1.1.0)
  diff-lcs (= 1.1.2)
  dolt (~> 0.30.0)
  exception_notification
  factory_girl_rails (~> 1.7)
  foreman (~> 0.41)
  geoip (= 0.8.9)
  gitorious_openid_auth (~> 1.1)
  guard-ctags-bundler
  guard-minitest
  highline
  httparty (~> 0.9)
  jruby-openssl
  json (>= 1.7.7, < 1.8)
  just_paginate (= 0.1.1)
  libdolt (~> 0.33.4)
  memcache-client (~> 1.8)
  mime-types (~> 1.16)
  minitest (= 4.2.0)
  mocha (= 0.13.3)
  mysql2
  net-ldap (~> 0.3)
  nokogiri (~> 1.5, < 1.6)
  oauth (= 0.4.4)
  oniguruma (~> 1.1)
  org-ruby
  paperclip (~> 2.7)
  pg
  proxymachine (= 1.2.4)
  rails (= 3.2.14)
  rails_autolink (~> 1.0)
  rake (~> 10.0)
  rcov
  rdiscount (~> 1.6)
  rdoc
  redcarpet
  resque (~> 1.23)
  resque-cleaner (~> 0.2.11)
  resque-job-stats (~> 0.3.0)
  ruby-hmac (= 0.4.0)
  ruby-openid
  ruby-yadis (= 0.3.4)
  shoulda (~> 3.3)
  shoulda-matchers (~> 1.4)
  simplecov
  simplecov-rcov
  sinatra-contrib
  state_machine (~> 1.1)
  thin (~> 1.2)
  thinking-sphinx (~> 3.0)
  tiltout (~> 1.4)
  trinidad
  unicorn (~> 4.6.3)
  use_case (~> 0.13)
  virtus (~> 1.0.0.beta7)
  webmock
  wikicloth
  will_paginate (~> 3.0)
  zeus (= 0.13.4.pre2)
