GEM
  remote: http://rubygems.org/
  specs:
    activerecord (2.3.8)
      activesupport (= 2.3.8)
    activesupport (2.3.8)
    acts-as-taggable-on (2.0.6)
    builder (3.0.0)
    chronic (0.3.0)
    daemons (1.1.0)
    diff-lcs (1.1.2)
    echoe (4.3.1)
      gemcutter
      rubyforge
    eventmachine (0.12.10)
    factory_girl (1.3.3)
    gemcutter (0.6.1)
    geoip (0.8.9)
    hoe (2.8.0)
      rake (>= 0.8.7)
    json (1.5.0)
    json_pure (1.5.0)
    mime-types (1.16)
    mocha (0.9.10)
      rake
    mysql (2.8.1)
    oauth (0.4.4)
    paperclip (2.2.9.2)
    proxymachine (1.2.4)
      eventmachine (>= 0.12.10)
    rack (1.0.1)
    rake (0.8.7)
    rdiscount (1.3.1.1)
    riddle (1.2.2)
    ruby-hmac (0.4.0)
    ruby-openid (2.1.8)
    ruby-yadis (0.3.4)
    rubyforge (2.0.4)
      json_pure (>= 1.1.7)
    shoulda (2.9.2)
    state_machine (0.9.4)
    stomp (1.1)
    validates_url_format_of (0.1.1)
      activerecord (~> 2.3.4)

PLATFORMS
  ruby

DEPENDENCIES
  acts-as-taggable-on
  builder
  chronic
  daemons
  diff-lcs
  echoe
  factory_girl (~> 1.3.0)
  geoip
  hoe
  json
  mime-types
  mocha
  mysql
  oauth
  paperclip (~> 2.2.8)
  proxymachine
  rack (~> 1.0.1)
  rake
  rdiscount (= 1.3.1.1)
  riddle
  ruby-hmac
  ruby-openid
  ruby-yadis
  shoulda (~> 2.9.1)
  state_machine
  stomp (= 1.1)
  validates_url_format_of
